GEM
  remote: http://rubygems.org/
  specs:
    diff-lcs (1.1.2)
    json (1.5.4)
    mime-types (1.16)
    nokogiri (1.5.0)
    rake (0.9.2)
    rb-appscript (0.6.1)
    rspec (2.6.0)
      rspec-core (~> 2.6.0)
      rspec-expectations (~> 2.6.0)
      rspec-mocks (~> 2.6.0)
    rspec-core (2.6.4)
    rspec-expectations (2.6.0)
      diff-lcs (~> 1.1.2)
    rspec-mocks (2.6.0)
    typhoeus (0.2.4)
      mime-types
      mime-types

PLATFORMS
  ruby

DEPENDENCIES
  json (~> 1.5.4)
  nokogiri (~> 1.5.0)
  rake (~> 0.9.2)
  rb-appscript (~> 0.6.1)
  rspec (~> 2.6.0)
  typhoeus (~> 0.2.4)
