GEM
  remote: http://rubygems.org/
  specs:
    addressable (2.3.2)
    builder (3.1.3)
    coderay (1.0.7)
    cookiejar (0.3.0)
    crack (0.3.1)
    diff-lcs (1.1.3)
    em-eventsource (0.1.8)
      em-http-request (~> 1.0.0)
      eventmachine (~> 1.0.0.beta3)
    em-http-request (1.0.3)
      addressable (>= 2.2.3)
      cookiejar
      em-socksify
      eventmachine (>= 1.0.0.beta.4)
      http_parser.rb (>= 0.5.3)
    em-socksify (0.2.1)
      eventmachine (>= 1.0.0.beta.4)
    eventmachine (1.0.0)
    ffi (1.1.5)
    google-search (1.0.3)
      json
    happymapper (0.4.0)
      libxml-ruby (~> 2.0)
    http_parser.rb (0.5.3)
    httparty (0.9.0)
      multi_json (~> 1.0)
      multi_xml
    json (1.5.4)
    libxml-ruby (2.2.2)
    method_source (0.8)
    mime-types (1.19)
    multi_json (1.3.6)
    multi_xml (0.5.1)
    nokogiri (1.5.5)
    pivotal-tracker (0.5.6)
      builder
      builder
      happymapper (>= 0.3.2)
      happymapper (>= 0.3.2)
      nokogiri (>= 1.4.3)
      nokogiri (~> 1.4)
      rest-client (~> 1.6.0)
      rest-client (~> 1.6.0)
    pry (0.9.10)
      coderay (~> 1.0.5)
      method_source (~> 0.8)
      slop (~> 3.3.1)
    rake (0.9.2.2)
    rb-appscript (0.6.1)
    rest-client (1.6.7)
      mime-types (>= 1.16)
    rspec (2.6.0)
      rspec-core (~> 2.6.0)
      rspec-expectations (~> 2.6.0)
      rspec-mocks (~> 2.6.0)
    rspec-core (2.6.4)
    rspec-expectations (2.6.0)
      diff-lcs (~> 1.1.2)
    rspec-mocks (2.6.0)
    slop (3.3.3)
    typhoeus (0.4.2)
      ffi (~> 1.0)
      mime-types (~> 1.18)
    webmock (1.8.10)
      addressable (>= 2.2.7)
      crack (>= 0.1.7)
    yajl-ruby (1.1.0)

PLATFORMS
  ruby

DEPENDENCIES
  em-eventsource
  google-search
  httparty
  json (~> 1.5.4)
  libxml-ruby (~> 2.2.2)
  nokogiri (~> 1.5.0)
  pivotal-tracker
  pry
  rake (~> 0.9.2)
  rb-appscript (~> 0.6.1)
  rspec (~> 2.6.0)
  typhoeus
  webmock
  yajl-ruby
