GEM
  remote: https://rubygems.org/
  specs:
    activesupport (3.2.8)
      i18n (~> 0.6)
      multi_json (~> 1.0)
    addressable (2.3.2)
    coderay (1.0.7)
    cookiejar (0.3.0)
    crack (0.3.1)
    diff-lcs (1.1.3)
    em-eventsource (0.1.8)
      em-http-request (~> 1.0.0)
      eventmachine (~> 1.0.0.beta3)
    em-http-request (1.0.3)
      addressable (>= 2.2.3)
      cookiejar
      em-socksify
      eventmachine (>= 1.0.0.beta.4)
      http_parser.rb (>= 0.5.3)
    em-socksify (0.2.1)
      eventmachine (>= 1.0.0.beta.4)
    eventmachine (1.0.0)
    faraday (0.8.4)
      multipart-post (~> 1.1)
    faraday_middleware (0.9.0)
      faraday (>= 0.7.4, < 0.9)
    ffi (1.1.5)
    google-search (1.0.3)
      json
    hallon (0.18.1)
      ref (~> 1.0)
      spotify (~> 12.3.0)
    hallon-openal (1.0.0)
      hallon (~> 0.13)
    hashie (1.2.0)
    http_parser.rb (0.5.3)
    httparty (0.9.0)
      multi_json (~> 1.0)
      multi_xml
    i18n (0.6.1)
    instagram (0.8.5)
      faraday (>= 0.7, < 0.9)
      faraday_middleware (~> 0.8)
      hashie (>= 0.4.0)
      multi_json (~> 1.0, >= 1.0.3)
    json (1.5.4)
    libspotify (12.1.51.1)
    libxml-ruby (2.2.2)
    method_source (0.8)
    mime-types (1.19)
    multi_json (1.5.1)
    multi_xml (0.5.1)
    multipart-post (1.1.5)
    nokogiri (1.5.5)
    oauth (0.4.7)
    pry (0.9.10)
      coderay (~> 1.0.5)
      method_source (~> 0.8)
      slop (~> 3.3.1)
    rake (0.9.2.2)
    rb-appscript (0.6.1)
    redis (3.0.1)
    redistat (0.5.0)
      activesupport (>= 2.3.6)
      json (>= 1.4.0)
      redis (>= 2.1.0)
      time_ext (>= 0.2.9)
    ref (1.0.0)
    rspec (2.6.0)
      rspec-core (~> 2.6.0)
      rspec-expectations (~> 2.6.0)
      rspec-mocks (~> 2.6.0)
    rspec-core (2.6.4)
    rspec-expectations (2.6.0)
      diff-lcs (~> 1.1.2)
    rspec-mocks (2.6.0)
    scout_api (1.0.5)
      hashie
      httparty
      nokogiri
    slop (3.3.3)
    spotify (12.3.0)
      ffi (~> 1.0, >= 1.0.11)
      libspotify (~> 12.1.51)
    time_ext (0.2.9)
      activesupport (>= 2.3.2)
      i18n (>= 0.4.2)
    tumblr_client (0.7.0)
      faraday (>= 0.8)
      faraday_middleware (>= 0.8)
      json
      oauth
    typhoeus (0.4.2)
      ffi (~> 1.0)
      mime-types (~> 1.18)
    webmock (1.8.10)
      addressable (>= 2.2.7)
      crack (>= 0.1.7)
    yajl-ruby (1.1.0)

PLATFORMS
  ruby

DEPENDENCIES
  em-eventsource
  google-search
  hallon
  hallon-openal
  httparty
  instagram
  json (~> 1.5.4)
  libxml-ruby (~> 2.2.2)
  nokogiri (~> 1.5.0)
  pry
  rake (~> 0.9.2)
  rb-appscript (~> 0.6.1)
  redistat
  rspec (~> 2.6.0)
  scout_api
  tumblr_client
  typhoeus
  webmock
  yajl-ruby
